#DESC	1.2 * DESCRIPTOR INFORMATION ***********************
*
*	Dataset Type and Format:
*
DSRC	EXP
BSEQ	BIG
IKKF	REAL
XTYP	IDX
YTYP	NODATA
ZTYP	NODATA
*
*	Item Formats:
*
IRFMT	D
*
*	Data Ranges and Resolutions:
*
XPTS	4000
XMIN	2100.000000
XWID	1999.500000
*
*	Documentational Text:
*
TITL	'DA340_5p5K_CW_9p3988GHz_5G_20dBAtt_10n'
IRNAM	'Intensity'
XNAM	'Field'
IRUNI	''
XUNI	'G'
*
************************************************************
*
#SPL	1.2 * STANDARD PARAMETER LAYER
*
OPER    xuser
DATE    07/19/21
TIME    13:53:50
CMNT    
SAMP    
SFOR    
STAG    C
EXPT    CW
OXS1    IADC
AXS1    B0VL
AXS2    NONE
AXS3    
A1CT    0.31
A1SW    0.2
MWFQ    9.39883e+09
MWPW    0.002206
AVGS    10
SPTP    0.02623
RCAG    20
RCHM    1
B0MA    0.0005
B0MF    100000
RCPH    0.0
RCOF    0.0
A1RS    4000
RCTC    1e-05
*
************************************************************
*
#DSL	1.0 * DEVICE SPECIFIC LAYER
*

.DVC     acqStart, 1.0


.DVC     ezcw, 1.0

MetalIonsDef       False
OrgRadicalsDef     False

.DVC     fieldCtrl, 1.0

AllegroMode        True
CenterField        3100.00 G
Delay              0.0 s
FieldFlyback       On
FieldWait          Wait LED off
GFactor            2.000000
MeasuringHall      False
SetToSampleG       False
StaticFieldMon     2100.000 G
SweepDirection     Up
SweepWidth         2000.0 G
WidthTM            200.0 G

.DVC     fieldSweep, 1.0


.DVC     freqCounter, 1.0

FrequencyMon       9.398830 GHz
QMonitBridge       On

.DVC     mwBridge, 1.0

AcqFineTuning      Never
AcqScanFTuning     Off
AcqSliceFTuning    Off
BridgeCalib        100.0
Power              2.206 mW
PowerAtten         20 dB
QValue             3800

.DVC     recorder, 1.0

BaselineCorr       Off
NbScansAcc         10
NbScansDone        10
NbScansToDo        10
ReplaceMode        Off
SmoothMode         Auto
SmoothPoints       10

.DVC     scanEnd, 1.0


.DVC     signalChannel, 1.0

AFCTrap            True
AllegroMode        True
AllowShortCt       False
Calibrated         True
ConvFact           9.271e-09
ConvTime           26.23 ms
DModDetectSCT      First
DualDetect         OFF
EliDelay           1.0 us
EnableImag         Disable
ExtLockIn          False
ExtTrigger         False
Gain               20 dB
Harmonic           1
HighPass           True
Integrator         False
IsCalibExp         False
ModAmp             5.000 G
ModFreq            100.00 kHz
ModPhase           0.0
ModResol           10.000
Offset             0.0 %
PolyCof            {2;3,9;0} 0,0.99652,0,0,0.00737177,0,0,-0.00559614,0,0,-2.88221e-05,0,0,1.00404e-05,0,0,3.43695e-08,0,0,-5.0404e-09,0,0,-1.4783e-11,0,0,-1.29132e-12,0
QuadMode           False
ResCenter          62.5 mm
ResLength          40 mm
Resolution         4000
Resonator          1
SctNorm            True
SctRevision        Allegro
SpuExtension       False
SweepTime          104.92 s
TimeConst          0.01 ms
TimeExp            False
TuneCaps           42

*
************************************************************
